GEM
  remote: http://ruby.taobao.org/
  specs:
    backports (3.3.5)
    eventmachine (1.0.3)
    kramdown (1.2.0)
    logutils (0.6.0)
    markdown (1.1.1)
      kramdown (>= 1.0.2)
      props (>= 1.0.0)
      textutils (>= 0.6.4)
    props (1.0.3)
    rack (1.5.2)
    rack-protection (1.5.1)
      rack
    rack-test (0.6.2)
      rack (>= 1.0)
    sinatra (1.4.4)
      rack (~> 1.4)
      rack-protection (~> 1.4)
      tilt (~> 1.3, >= 1.3.4)
    sinatra-contrib (1.4.0)
      backports (>= 2.0)
      eventmachine
      rack-protection
      rack-test
      sinatra (~> 1.4.2)
      tilt (~> 1.3)
    textutils (0.7.0)
      logutils (~> 0.5)
    tilt (1.4.1)

PLATFORMS
  ruby

DEPENDENCIES
  markdown
  sinatra
  sinatra-contrib
